GEM
  remote: http://rubygems.org/
  specs:
    hashr (0.0.22)
    rake (0.9.2.2)
    rake-version (0.3.0)
      rake (~> 0.9.2)
    travis-lint (1.4.0)
      hashr (>= 0.0.19)

PLATFORMS
  ruby

DEPENDENCIES
  rake-version
  travis-lint
