GEM
  remote: http://rubygems.org/
  specs:
    hashr (0.0.22)
    paint (0.8.6)
    rake (10.1.1)
    rake-version (0.4.1)
      rake (~> 10)
    travis-lint (1.7.0)
      hashr (~> 0.0.22)

PLATFORMS
  ruby

DEPENDENCIES
  paint
  rake-version
  travis-lint
