GEM
  remote: http://rubygems.org/
  specs:
    json (1.8.1)
    paint (0.8.7)
    rake (10.3.2)
    rake-version (0.4.1)
      rake (~> 10)
    travis-lint (2.0.0)
      json

PLATFORMS
  ruby

DEPENDENCIES
  paint
  rake-version
  travis-lint
